GEM
  remote: https://rubygems.org/
  specs:
    nio4r (2.7.4)
    puma (6.4.3)
      nio4r (~> 2.0)
    rack (3.1.8)

PLATFORMS
  arm64-darwin-23
  ruby

DEPENDENCIES
  puma
  rack

BUNDLED WITH
   2.5.22
